{
	"Modality": "MR",
	"MagneticFieldStrength": 3,
	"ImagingFrequency": 123.260145,
	"Manufacturer": "Siemens",
	"ManufacturersModelName": "Skyra",
	"BodyPartExamined": "BRAIN",
	"PatientPosition": "HFS",
	"SoftwareVersions": "syngo MR D13",
	"MRAcquisitionType": "2D",
	"ProtocolName": "DTI_30dirs_2mm",
	"ScanningSequence": "EP",
	"SequenceVariant": "SK\\SP",
	"ScanOptions": "FS",
	"SequenceName": "*ep_b0",
	"ImageType": ["ORIGINAL", "PRIMARY", "DIFFUSION", "NONE", "ND", "MOSAIC"],
	"NonlinearGradientCorrection": false,
	"SeriesNumber": 13,
	"AcquisitionTime": "09:23:49.505000",
	"AcquisitionNumber": 1,
	"SliceThickness": 2,
	"SpacingBetweenSlices": 2,
	"SAR": 0.245102,
	"EchoTime": 0.093,
	"RepetitionTime": 10.5,
	"SpoilingState": true,
	"FlipAngle": 90,
	"PartialFourier": 1,
	"BaseResolution": 112,
	"ShimSetting": [
		1635,
		-12334,
		13254,
		23,
		-16,
		-449,
		479,
		80	],
	"DiffusionScheme": "Bipolar",
	"TxRefAmp": 352.036,
	"PhaseResolution": 1,
	"ReceiveCoilName": "Head_32",
	"ReceiveCoilActiveElements": "HEA;HEP",
	"PulseSequenceDetails": "%SiemensSeq%\\ep2d_diff",
	"RefLinesPE": 48,
	"CoilCombinationMethod": "Adaptive Combine",
	"ConsistencyInfo": "N4_VD13A_LATEST_20120616",
	"MatrixCoilMode": "GRAPPA",
	"PercentPhaseFOV": 100,
	"PercentSampling": 100,
	"EchoTrainLength": 55,
	"PhaseEncodingSteps": 111,
	"AcquisitionMatrixPE": 112,
	"ReconMatrixPE": 112,
	"BandwidthPerPixelPhaseEncode": 25.88,
	"ParallelReductionFactorInPlane": 2,
	"EffectiveEchoSpacing": 0.000344999,
	"DerivedVendorReportedEchoSpacing": 0.000689998,
	"TotalReadoutTime": 0.0382949,
	"PixelBandwidth": 1655,
	"DwellTime": 2.7e-06,
	"PhaseEncodingDirection": "j-",
	"SliceTiming": [
		5.24,
		0,
		5.385,
		0.1475,
		5.5325,
		0.2925,
		5.6775,
		0.4375,
		5.8225,
		0.5825,
		5.9675,
		0.7275,
		6.115,
		0.875,
		6.26,
		1.02,
		6.405,
		1.165,
		6.55,
		1.31,
		6.695,
		1.4575,
		6.8425,
		1.6025,
		6.9875,
		1.7475,
		7.1325,
		1.8925,
		7.2775,
		2.0375,
		7.425,
		2.185,
		7.57,
		2.33,
		7.715,
		2.475,
		7.86,
		2.62,
		8.005,
		2.765,
		8.1525,
		2.9125,
		8.2975,
		3.0575,
		8.4425,
		3.2025,
		8.5875,
		3.3475,
		8.735,
		3.495,
		8.88,
		3.64,
		9.025,
		3.785,
		9.17,
		3.93,
		9.315,
		4.075,
		9.4625,
		4.2225,
		9.6075,
		4.3675,
		9.7525,
		4.5125,
		9.8975,
		4.6575,
		10.0425,
		4.805,
		10.19,
		4.95,
		10.335,
		5.095	],
	"ImageOrientationPatientDICOM": [
		1,
		0,
		0,
		0,
		1,
		0	],
	"ImageOrientationText": "Tra",
	"InPlanePhaseEncodingDirectionDICOM": "COL",
	"BidsGuess": ["dwi","_acq-epb0p2_dir-AP_run-13_dwi"],
	"ConversionSoftware": "dcm2niix",
	"ConversionSoftwareVersion": "v1.0.20240202"
}
