{
	"Modality": "MR",
	"MagneticFieldStrength": 3,
	"ImagingFrequency": 123.260143,
	"Manufacturer": "Siemens",
	"ManufacturersModelName": "Skyra",
	"BodyPartExamined": "BRAIN",
	"PatientPosition": "HFS",
	"SoftwareVersions": "syngo MR D13",
	"MRAcquisitionType": "3D",
	"ProtocolName": "t1_mprage_tra_p2_iso_1.0",
	"ScanningSequence": "GR\\IR",
	"SequenceVariant": "SK\\SP\\MP\\OSP",
	"ScanOptions": "IR",
	"SequenceName": "*tfl3d1_16",
	"ImageType": ["ORIGINAL", "PRIMARY", "M", "DIS2D", "NORM", "FM3", "2", "FIL"],
	"NonlinearGradientCorrection": true,
	"SeriesNumber": 12,
	"AcquisitionTime": "09:18:47.967500",
	"AcquisitionNumber": 1,
	"SliceThickness": 1,
	"SAR": 0.0531755,
	"EchoTime": 0.00243,
	"RepetitionTime": 2.2,
	"SpoilingState": true,
	"InversionTime": 0.9,
	"FlipAngle": 8,
	"PartialFourier": 1,
	"BaseResolution": 224,
	"ShimSetting": [
		1574,
		-12306,
		12844,
		-19,
		1,
		-103,
		173,
		-20	],
	"TxRefAmp": 352.036,
	"PhaseResolution": 1,
	"PhaseOversampling": 0.1,
	"ReceiveCoilName": "Head_32",
	"ReceiveCoilActiveElements": "HEA;HEP",
	"PulseSequenceDetails": "%SiemensSeq%\\tfl",
	"RefLinesPE": 24,
	"CoilCombinationMethod": "Adaptive Combine",
	"ConsistencyInfo": "N4_VD13A_LATEST_20120616",
	"MatrixCoilMode": "GRAPPA",
	"PercentPhaseFOV": 85.7143,
	"PercentSampling": 100,
	"PhaseEncodingSteps": 211,
	"AcquisitionMatrixPE": 192,
	"ReconMatrixPE": 192,
	"ParallelReductionFactorInPlane": 2,
	"PixelBandwidth": 250,
	"DwellTime": 8.9e-06,
	"ImageOrientationPatientDICOM": [
		0.997954,
		0.0611319,
		-0.0187029,
		-0.0637753,
		0.972265,
		-0.225017	],
	"ImageOrientationText": "Tra>Cor(-13.0)>Sag(-0.3)",
	"InPlanePhaseEncodingDirectionDICOM": "ROW",
	"BidsGuess": ["anat","_acq-tfl3p2_run-12_T1w"],
	"ConversionSoftware": "dcm2niix",
	"ConversionSoftwareVersion": "v1.0.20240202"
}
